PATH
  remote: .
  specs:
    ytopics (0.0.1)

GEM
  remote: https://rubygems.org/
  specs:

PLATFORMS
  ruby

DEPENDENCIES
  ytopics!
